RESTRICTION: == net8.0
NUGET
  remote: https://api.nuget.org/v3/index.json
    AutoFixture (4.18.1)
      Fare (>= 2.1.1 < 3.0)
      System.ComponentModel.Annotations (>= 4.3)
    AutoFixture.Xunit2 (4.18.1)
      AutoFixture (>= 4.18.1)
      xunit.extensibility.core (>= 2.2 < 3.0)
    AWSSDK.Core (3.7.302.15)
    AWSSDK.SQS (3.7.300.54)
      AWSSDK.Core (>= 3.7.302.15 < 4.0)
    Azure.Core (1.38)
      Microsoft.Bcl.AsyncInterfaces (>= 1.1.1)
      System.ClientModel (>= 1.0)
      System.Diagnostics.DiagnosticSource (>= 6.0.1)
      System.Memory.Data (>= 1.0.2)
      System.Numerics.Vectors (>= 4.5)
      System.Text.Encodings.Web (>= 4.7.2)
      System.Text.Json (>= 4.7.2)
      System.Threading.Tasks.Extensions (>= 4.5.4)
    Azure.Identity (1.10.4)
      Azure.Core (>= 1.36)
      Microsoft.Identity.Client (>= 4.56)
      Microsoft.Identity.Client.Extensions.Msal (>= 4.56)
      System.Memory (>= 4.5.4)
      System.Security.Cryptography.ProtectedData (>= 4.7)
      System.Text.Json (>= 4.7.2)
      System.Threading.Tasks.Extensions (>= 4.5.4)
    Be.Vlaanderen.Basisregisters.AggregateSource (8.3)
      Be.Vlaanderen.Basisregisters.Utilities.HashCodeCalculator (>= 3.0)
      Be.Vlaanderen.Basisregisters.Utilities.HexByteConvertor (>= 3.0)
      Be.Vlaanderen.Basisregisters.Utilities.ToStringBuilder (>= 3.0)
      Newtonsoft.Json (>= 13.0.1)
      NodaTime (>= 3.0.10)
    Be.Vlaanderen.Basisregisters.Build.Pipeline (7.0.4)
    Be.Vlaanderen.Basisregisters.Utilities.HashCodeCalculator (4.0)
    Be.Vlaanderen.Basisregisters.Utilities.HexByteConvertor (4.0)
    Be.Vlaanderen.Basisregisters.Utilities.ToStringBuilder (4.0)
    Castle.Core (5.1.1)
      System.Diagnostics.EventLog (>= 6.0)
    Confluent.Kafka (2.3)
      librdkafka.redist (>= 2.3)
      System.Memory (>= 4.5)
    Fare (2.2.1)
    FluentAssertions (6.12)
      System.Configuration.ConfigurationManager (>= 4.4)
    librdkafka.redist (2.3)
    Microsoft.Bcl.AsyncInterfaces (8.0)
    Microsoft.CodeCoverage (17.9)
    Microsoft.Data.SqlClient (5.2)
      Azure.Identity (>= 1.10.3)
      Microsoft.Data.SqlClient.SNI.runtime (>= 5.2)
      Microsoft.Identity.Client (>= 4.56)
      Microsoft.IdentityModel.JsonWebTokens (>= 6.35)
      Microsoft.IdentityModel.Protocols.OpenIdConnect (>= 6.35)
      Microsoft.SqlServer.Server (>= 1.0)
      System.Configuration.ConfigurationManager (>= 8.0)
      System.Runtime.Caching (>= 8.0)
    Microsoft.Data.SqlClient.SNI.runtime (5.2)
    Microsoft.EntityFrameworkCore (8.0.2)
      Microsoft.EntityFrameworkCore.Abstractions (>= 8.0.2)
      Microsoft.EntityFrameworkCore.Analyzers (>= 8.0.2)
      Microsoft.Extensions.Caching.Memory (>= 8.0)
      Microsoft.Extensions.Logging (>= 8.0)
    Microsoft.EntityFrameworkCore.Abstractions (8.0.2)
    Microsoft.EntityFrameworkCore.Analyzers (8.0.2)
    Microsoft.EntityFrameworkCore.InMemory (8.0.2)
      Microsoft.EntityFrameworkCore (>= 8.0.2)
    Microsoft.EntityFrameworkCore.Relational (8.0.2)
      Microsoft.EntityFrameworkCore (>= 8.0.2)
      Microsoft.Extensions.Configuration.Abstractions (>= 8.0)
    Microsoft.EntityFrameworkCore.SqlServer (8.0.2)
      Microsoft.Data.SqlClient (>= 5.1.4)
      Microsoft.EntityFrameworkCore.Relational (>= 8.0.2)
    Microsoft.Extensions.Caching.Abstractions (8.0)
      Microsoft.Extensions.Primitives (>= 8.0)
    Microsoft.Extensions.Caching.Memory (8.0)
      Microsoft.Extensions.Caching.Abstractions (>= 8.0)
      Microsoft.Extensions.DependencyInjection.Abstractions (>= 8.0)
      Microsoft.Extensions.Logging.Abstractions (>= 8.0)
      Microsoft.Extensions.Options (>= 8.0)
      Microsoft.Extensions.Primitives (>= 8.0)
    Microsoft.Extensions.Configuration (8.0)
      Microsoft.Extensions.Configuration.Abstractions (>= 8.0)
      Microsoft.Extensions.Primitives (>= 8.0)
    Microsoft.Extensions.Configuration.Abstractions (8.0)
      Microsoft.Extensions.Primitives (>= 8.0)
    Microsoft.Extensions.Configuration.Binder (8.0.1)
      Microsoft.Extensions.Configuration.Abstractions (>= 8.0)
    Microsoft.Extensions.Configuration.EnvironmentVariables (8.0)
      Microsoft.Extensions.Configuration (>= 8.0)
      Microsoft.Extensions.Configuration.Abstractions (>= 8.0)
    Microsoft.Extensions.Configuration.FileExtensions (8.0)
      Microsoft.Extensions.Configuration (>= 8.0)
      Microsoft.Extensions.Configuration.Abstractions (>= 8.0)
      Microsoft.Extensions.FileProviders.Abstractions (>= 8.0)
      Microsoft.Extensions.FileProviders.Physical (>= 8.0)
      Microsoft.Extensions.Primitives (>= 8.0)
    Microsoft.Extensions.Configuration.Json (8.0)
      Microsoft.Extensions.Configuration (>= 8.0)
      Microsoft.Extensions.Configuration.Abstractions (>= 8.0)
      Microsoft.Extensions.Configuration.FileExtensions (>= 8.0)
      Microsoft.Extensions.FileProviders.Abstractions (>= 8.0)
      System.Text.Json (>= 8.0)
    Microsoft.Extensions.DependencyInjection (8.0)
      Microsoft.Extensions.DependencyInjection.Abstractions (>= 8.0)
    Microsoft.Extensions.DependencyInjection.Abstractions (8.0)
    Microsoft.Extensions.DependencyModel (8.0)
      System.Text.Encodings.Web (>= 8.0)
      System.Text.Json (>= 8.0)
    Microsoft.Extensions.FileProviders.Abstractions (8.0)
      Microsoft.Extensions.Primitives (>= 8.0)
    Microsoft.Extensions.FileProviders.Physical (8.0)
      Microsoft.Extensions.FileProviders.Abstractions (>= 8.0)
      Microsoft.Extensions.FileSystemGlobbing (>= 8.0)
      Microsoft.Extensions.Primitives (>= 8.0)
    Microsoft.Extensions.FileSystemGlobbing (8.0)
    Microsoft.Extensions.Logging (8.0)
      Microsoft.Extensions.DependencyInjection (>= 8.0)
      Microsoft.Extensions.Logging.Abstractions (>= 8.0)
      Microsoft.Extensions.Options (>= 8.0)
    Microsoft.Extensions.Logging.Abstractions (8.0)
      Microsoft.Extensions.DependencyInjection.Abstractions (>= 8.0)
    Microsoft.Extensions.Options (8.0.2)
      Microsoft.Extensions.DependencyInjection.Abstractions (>= 8.0)
      Microsoft.Extensions.Primitives (>= 8.0)
    Microsoft.Extensions.Primitives (8.0)
    Microsoft.Identity.Client (4.59)
      Microsoft.IdentityModel.Abstractions (>= 6.22)
      System.Diagnostics.DiagnosticSource (>= 6.0.1)
    Microsoft.Identity.Client.Extensions.Msal (4.59)
      Microsoft.Identity.Client (>= 4.59)
      System.IO.FileSystem.AccessControl (>= 5.0)
      System.Security.Cryptography.ProtectedData (>= 4.5)
    Microsoft.IdentityModel.Abstractions (7.4)
    Microsoft.IdentityModel.JsonWebTokens (7.4)
      Microsoft.IdentityModel.Tokens (>= 7.4)
    Microsoft.IdentityModel.Logging (7.4)
      Microsoft.IdentityModel.Abstractions (>= 7.4)
    Microsoft.IdentityModel.Protocols (7.4)
      Microsoft.IdentityModel.Logging (>= 7.4)
      Microsoft.IdentityModel.Tokens (>= 7.4)
    Microsoft.IdentityModel.Protocols.OpenIdConnect (7.4)
      Microsoft.IdentityModel.Protocols (>= 7.4)
      System.IdentityModel.Tokens.Jwt (>= 7.4)
    Microsoft.IdentityModel.Tokens (7.4)
      Microsoft.IdentityModel.Logging (>= 7.4)
    Microsoft.NET.Test.Sdk (17.9)
      Microsoft.CodeCoverage (>= 17.9)
      Microsoft.TestPlatform.TestHost (>= 17.9)
    Microsoft.SqlServer.Server (1.0)
    Microsoft.TestPlatform.ObjectModel (17.9)
      System.Reflection.Metadata (>= 1.6)
    Microsoft.TestPlatform.TestHost (17.9)
      Microsoft.TestPlatform.ObjectModel (>= 17.9)
      Newtonsoft.Json (>= 13.0.1)
    Moq (4.20.70)
      Castle.Core (>= 5.1.1)
    Newtonsoft.Json (13.0.3)
    NodaTime (3.1.11)
      System.Runtime.CompilerServices.Unsafe (>= 4.7.1)
    Polly (8.3.1)
      Polly.Core (>= 8.3.1)
    Polly.Core (8.3.1)
    RabbitMQ.Client (6.8.1)
      System.Memory (>= 4.5.5)
      System.Threading.Channels (>= 7.0)
    Serilog (3.1.1)
    Serilog.Enrichers.Environment (2.3)
      Serilog (>= 2.3)
    Serilog.Enrichers.Thread (3.1)
      Serilog (>= 2.3)
    Serilog.Extensions.Logging (8.0)
      Microsoft.Extensions.Logging (>= 8.0)
      Serilog (>= 3.1.1)
    Serilog.Formatting.Compact (2.0)
      Serilog (>= 3.1)
    Serilog.Settings.Configuration (8.0)
      Microsoft.Extensions.Configuration.Binder (>= 8.0)
      Microsoft.Extensions.DependencyModel (>= 8.0)
      Serilog (>= 3.1.1)
    Serilog.Sinks.Console (5.0.1)
      Serilog (>= 3.1.1)
    Serilog.Sinks.File (5.0)
      Serilog (>= 2.10)
    SourceLink.Copy.PdbFiles (2.8.3) - copy_local: true
    SourceLink.Embed.AllSourceFiles (2.8.3) - copy_local: true
    System.ClientModel (1.0)
      System.Memory.Data (>= 1.0.2)
      System.Text.Json (>= 4.7.2)
    System.Collections.Immutable (8.0)
    System.ComponentModel.Annotations (5.0)
    System.Configuration.ConfigurationManager (8.0)
      System.Diagnostics.EventLog (>= 8.0)
      System.Security.Cryptography.ProtectedData (>= 8.0)
    System.Diagnostics.DiagnosticSource (8.0)
    System.Diagnostics.EventLog (8.0)
    System.IdentityModel.Tokens.Jwt (7.4)
      Microsoft.IdentityModel.JsonWebTokens (>= 7.4)
      Microsoft.IdentityModel.Tokens (>= 7.4)
    System.IO.FileSystem.AccessControl (5.0)
      System.Security.AccessControl (>= 5.0)
      System.Security.Principal.Windows (>= 5.0)
    System.Memory (4.5.5)
    System.Memory.Data (8.0)
      System.Text.Json (>= 8.0)
    System.Numerics.Vectors (4.5)
    System.Reflection.Metadata (8.0)
      System.Collections.Immutable (>= 8.0)
    System.Runtime.Caching (8.0)
      System.Configuration.ConfigurationManager (>= 8.0)
    System.Runtime.CompilerServices.Unsafe (6.0)
    System.Security.AccessControl (6.0)
    System.Security.Cryptography.ProtectedData (8.0)
    System.Security.Principal.Windows (5.0)
    System.Text.Encodings.Web (8.0)
    System.Text.Json (8.0.2)
      System.Text.Encodings.Web (>= 8.0)
    System.Threading.Channels (8.0)
    System.Threading.Tasks.Extensions (4.5.4)
    xunit (2.7)
      xunit.analyzers (>= 1.11)
      xunit.assert (>= 2.7)
      xunit.core (2.7)
    xunit.abstractions (2.0.3)
    xunit.analyzers (1.11)
    xunit.assert (2.7)
    xunit.categories (2.0.8)
      xunit.core (>= 2.4.1)
    xunit.core (2.7)
      xunit.extensibility.core (2.7)
      xunit.extensibility.execution (2.7)
    xunit.extensibility.core (2.7)
      xunit.abstractions (>= 2.0.3)
    xunit.extensibility.execution (2.7)
      xunit.extensibility.core (2.7)
    xunit.runner.visualstudio (2.5.7)
